GEM
  remote: https://rubygems.org/
  specs:
    concurrent-ruby (1.0.4)
    hamster (3.0.0)
      concurrent-ruby (~> 1.0)
    lino (1.0.0)
      hamster (~> 3.0)
      open4 (~> 1.3)
    open4 (1.3.4)
    rake (11.3.0)

PLATFORMS
  ruby

DEPENDENCIES
  lino (~> 1.0)
  rake (~> 11.2)

BUNDLED WITH
   1.14.3
